GEM
  remote: https://rubygems.org/
  specs:
    memoist (0.11.0)
    rbzip2 (0.2.0)

PLATFORMS
  ruby

DEPENDENCIES
  memoist (~> 0.11.0)
  rbzip2 (~> 0.2.0)
